GEM
  remote: https://rubygems.org/
  specs:
    domain_name (0.5.17)
      unf (>= 0.0.5, < 1.0.0)
    ethon (0.7.0)
      ffi (>= 1.3.0)
    ffi (1.9.3)
    http-cookie (1.0.2)
      domain_name (~> 0.5)
    json (1.8.1)
    mechanize (2.7.3)
      domain_name (~> 0.5, >= 0.5.1)
      http-cookie (~> 1.0)
      mime-types (~> 2.0)
      net-http-digest_auth (~> 1.1, >= 1.1.1)
      net-http-persistent (~> 2.5, >= 2.5.2)
      nokogiri (~> 1.4)
      ntlm-http (~> 0.1, >= 0.1.1)
      webrobots (>= 0.0.9, < 0.2)
    mime-types (2.2)
    mini_portile (0.5.3)
    net-http-digest_auth (1.4)
    net-http-persistent (2.9.4)
    nokogiri (1.6.1)
      mini_portile (~> 0.5.0)
    ntlm-http (0.1.1)
    rake (10.1.1)
    typhoeus (0.6.8)
      ethon (>= 0.7.0)
    unf (0.1.3)
      unf_ext
    unf_ext (0.0.6)
    webrobots (0.1.1)

PLATFORMS
  ruby

DEPENDENCIES
  json
  mechanize
  rake
  typhoeus
